GEM
  remote: https://rubygems.org/
  specs:
    bencode (0.8.2)
    redis (3.2.2)

PLATFORMS
  ruby

DEPENDENCIES
  bencode (= 0.8.2)
  redis

BUNDLED WITH
   1.10.6
